GEM
  remote: https://rubygems.org/
  specs:
    aws-sdk (1.54.0)
      aws-sdk-v1 (= 1.54.0)
    aws-sdk-v1 (1.54.0)
      json (~> 1.4)
      nokogiri (>= 1.4.4)
    haml (4.0.5)
      tilt
    json (1.8.1)
    mail (2.6.1)
      mime-types (>= 1.16, < 3)
    mime-types (2.3)
    mini_portile (0.6.0)
    nokogiri (1.6.3.1)
      mini_portile (= 0.6.0)
    puma (2.9.1)
      rack (>= 1.1, < 2.0)
    rack (1.5.2)
    rack-protection (1.5.3)
      rack
    redcarpet (3.1.2)
    sinatra (1.4.5)
      rack (~> 1.4)
      rack-protection (~> 1.4)
      tilt (~> 1.3, >= 1.3.4)
    tilt (1.4.1)

PLATFORMS
  ruby

DEPENDENCIES
  aws-sdk
  haml
  mail
  mime-types
  nokogiri
  puma
  redcarpet
  sinatra
